GEM
  remote: http://rubygems.org/
  specs:
    addressable (2.2.4)
    calais (0.0.11)
      curb (>= 0.1.4)
      json (>= 1.1.3)
      nokogiri (>= 1.3.3)
    columnize (0.3.4)
    curb (0.7.15)
    diff-lcs (1.1.2)
    equivalent-xml (0.2.7)
      nokogiri (>= 1.4.3)
    facets (2.9.1)
    fakeweb (1.3.0)
    haml (3.1.2)
    json (1.5.3)
    json_pure (1.5.3)
    linecache (0.46)
      rbx-require-relative (> 0.0.4)
    linkeddata (0.3.1)
      rdf (~> 0.3.1)
      rdf-isomorphic (~> 0.3.1)
      rdf-json (~> 0.3.0)
      rdf-n3 (~> 0.3.0)
      rdf-rdfa (~> 0.3.0)
      rdf-rdfxml (~> 0.3.0)
      rdf-trix (~> 0.3.0)
    mime-types (1.16)
    nokogiri (1.5.0)
    rack (1.3.2)
    rack-test (0.6.1)
      rack (>= 1.0)
    rbx-require-relative (0.0.5)
    rcov (0.9.10)
    rdf (0.3.3)
      addressable (= 2.2.4)
    rdf-isomorphic (0.3.4)
      rdf (>= 0.2.3)
    rdf-json (0.3.0)
      json_pure (>= 1.4.2)
      rdf (~> 0.3.0)
    rdf-n3 (0.3.4.1)
      rdf (>= 0.3.3)
    rdf-rdfa (0.3.4.2)
      addressable (= 2.2.4)
      facets (>= 2.9.1)
      facets (>= 2.9.1)
      haml (>= 3.0.0)
      haml (>= 3.0.0)
      nokogiri (>= 1.3.3)
      nokogiri (>= 1.4.4)
      rdf
      rdf (>= 0.3.3)
    rdf-rdfxml (0.3.4)
      nokogiri (>= 1.4.4)
      rdf (>= 0.3.3)
    rdf-trix (0.3.0)
      rdf (~> 0.3.0)
    rest-client (1.6.3)
      mime-types (>= 1.16)
    rspec (2.6.0)
      rspec-core (~> 2.6.0)
      rspec-expectations (~> 2.6.0)
      rspec-mocks (~> 2.6.0)
    rspec-core (2.6.4)
    rspec-expectations (2.6.0)
      diff-lcs (~> 1.1.2)
    rspec-mocks (2.6.0)
    ruby-debug (0.10.4)
      columnize (>= 0.1)
      ruby-debug-base (~> 0.10.4.0)
    ruby-debug-base (0.10.4)
      linecache (>= 0.3)
    sinatra (1.2.6)
      rack (~> 1.1)
      tilt (< 2.0, >= 1.2.2)
    sparql-client (0.0.9)
      json_pure (>= 1.4.2)
      rdf (~> 0.3.0)
    tilt (1.3.2)

PLATFORMS
  ruby

DEPENDENCIES
  calais
  equivalent-xml
  fakeweb
  linkeddata
  nokogiri
  rack-test
  rcov
  rest-client
  rspec
  ruby-debug
  ruby-debug-base
  sinatra
  sparql-client
